PATH
  remote: .
  specs:
    pg_query (0.5.0)
      json (~> 1.8)

GEM
  remote: https://rubygems.org/
  specs:
    diff-lcs (1.2.5)
    json (1.8.2)
    rake (10.4.2)
    rake-compiler (0.9.3)
      rake
    rspec (2.99.0)
      rspec-core (~> 2.99.0)
      rspec-expectations (~> 2.99.0)
      rspec-mocks (~> 2.99.0)
    rspec-core (2.99.2)
    rspec-expectations (2.99.2)
      diff-lcs (>= 1.1.3, < 2.0)
    rspec-mocks (2.99.2)

PLATFORMS
  ruby

DEPENDENCIES
  pg_query!
  rake-compiler (~> 0)
  rspec (~> 2.0)
